PATH
  remote: .
  specs:
    nerve (0.9.5)
      bunny (= 1.1.0)
      dogstatsd-ruby (~> 3.3.0)
      etcd (~> 0.2.3)
      json
      redis (= 3.3.5)
      zk (~> 1.9.2)

GEM
  remote: https://rubygems.org/
  specs:
    activesupport (5.2.4.1)
      concurrent-ruby (~> 1.0, >= 1.0.2)
      i18n (>= 0.7, < 2)
      minitest (~> 5.1)
      tzinfo (~> 1.1)
    amq-protocol (1.9.2)
    bunny (1.1.0)
      amq-protocol (>= 1.9.2)
    coderay (1.1.0)
    concurrent-ruby (1.1.6)
    diff-lcs (1.2.5)
    docile (1.3.2)
    dogstatsd-ruby (3.3.0)
    etcd (0.2.4)
      mixlib-log
    factory_girl (4.5.0)
      activesupport (>= 3.0.0)
    i18n (1.8.2)
      concurrent-ruby (~> 1.0)
    json (2.3.0)
    method_source (0.8.2)
    minitest (5.14.0)
    mixlib-log (1.7.1)
    pry (0.10.1)
      coderay (~> 1.1.0)
      method_source (~> 0.8.1)
      slop (~> 3.4)
    rake (10.1.1)
    redis (3.3.5)
    rspec (3.1.0)
      rspec-core (~> 3.1.0)
      rspec-expectations (~> 3.1.0)
      rspec-mocks (~> 3.1.0)
    rspec-core (3.1.7)
      rspec-support (~> 3.1.0)
    rspec-expectations (3.1.2)
      diff-lcs (>= 1.2.0, < 2.0)
      rspec-support (~> 3.1.0)
    rspec-mocks (3.1.3)
      rspec-support (~> 3.1.0)
    rspec-support (3.1.2)
    simplecov (0.17.1)
      docile (~> 1.1)
      json (>= 1.8, < 3)
      simplecov-html (~> 0.10.0)
    simplecov-html (0.10.2)
    simplecov-json (0.2)
      json
      simplecov
    slop (3.6.0)
    thread_safe (0.3.6)
    tzinfo (1.2.6)
      thread_safe (~> 0.1)
    zk (1.10.0)
      zookeeper (~> 1.5.0)
    zookeeper (1.5.0)

PLATFORMS
  ruby

DEPENDENCIES
  factory_girl
  nerve!
  pry
  rake
  rspec (~> 3.1.0)
  simplecov (~> 0.16)
  simplecov-json (~> 0.2)

BUNDLED WITH
   2.1.4
